PATH
  remote: .
  specs:
    africompta (1.9.9)
      qooxview (= 1.9.9)

PATH
  remote: ../HelperClasses
  specs:
    helper_classes (0.3.2)

PATH
  remote: ../QooxView
  specs:
    qooxview (1.9.9)
      activemodel (= 3.1.1)
      activerecord (= 3.1.1)
      activesupport (= 3.1.1)
      arel (= 2.2.1)
      chunky_png (= 1.3.4)
      docsplit (= 0.7.6)
      gettext (= 3.0.0)
      helper_classes (= 0.3.2)
      i18n (= 0.6.0)
      iconv (= 1.0.3)
      json (= 1.8.2)
      locale (= 2.0.8)
      multi_json (= 1.0.3)
      net-ldap (= 0.5.1)
      parseconfig (= 0.5.2)
      pdf-core (= 0.2.2)
      prawn (= 1.0.0)
      rqrcode (= 0.4.2)
      rqrcode-with-patches (= 0.5.4)
      rubyzip (= 1.1.7)
      serialport (= 1.3.1)
      sqlite3 (= 1.3.10)
      text (= 1.2.3)
      ttfunk (= 1.1.1)

GEM
  remote: https://rubygems.org/
  specs:
    activemodel (3.1.1)
      activesupport (= 3.1.1)
      builder (~> 3.0.0)
      i18n (~> 0.6)
    activerecord (3.1.1)
      activemodel (= 3.1.1)
      activesupport (= 3.1.1)
      arel (~> 2.2.1)
      tzinfo (~> 0.3.29)
    activesupport (3.1.1)
      multi_json (~> 1.0)
    arel (2.2.1)
    builder (3.0.4)
    chunky_png (1.3.4)
    docsplit (0.7.6)
    gettext (3.0.0)
      locale (>= 2.0.5)
      text
    i18n (0.6.0)
    iconv (1.0.3)
    json (1.8.2)
    locale (2.0.8)
    multi_json (1.0.3)
    net-ldap (0.5.1)
    parseconfig (0.5.2)
    pdf-core (0.2.2)
    prawn (1.0.0)
      pdf-core (~> 0.2.2)
      ttfunk (~> 1.1.1)
    rqrcode (0.4.2)
    rqrcode-with-patches (0.5.4)
      chunky_png
    rubyzip (1.1.7)
    serialport (1.3.1)
    sqlite3 (1.3.10)
    text (1.2.3)
    ttfunk (1.1.1)
    tzinfo (0.3.44)

PLATFORMS
  ruby

DEPENDENCIES
  africompta!
  helper_classes!
  qooxview!
