PATH
  remote: .
  specs:
    africompta (1.9.8)
      qooxview

GEM
  remote: https://rubygems.org/
  specs:
    activemodel (3.1.1)
      activesupport (= 3.1.1)
      builder (~> 3.0.0)
      i18n (~> 0.6)
    activerecord (3.1.1)
      activemodel (= 3.1.1)
      activesupport (= 3.1.1)
      arel (~> 2.2.1)
      tzinfo (~> 0.3.29)
    activesupport (3.1.1)
      multi_json (~> 1.0)
    arel (2.2.1)
    builder (3.0.4)
    chunky_png (1.3.4)
    docsplit (0.7.6)
    gettext (3.0.0)
      locale (>= 2.0.5)
      text
    helper_classes (0.2.1)
    i18n (0.6.0)
    iconv (1.0.3)
    json (1.8.2)
    locale (2.0.8)
    multi_json (1.0.3)
    net-ldap (0.5.1)
    parseconfig (0.5.2)
    pdf-core (0.5.1)
    prawn (2.0.1)
      pdf-core (~> 0.5.1)
      ttfunk (~> 1.4.0)
    qooxview (2.0.0.pre.pre1)
      activemodel (= 3.1.1)
      activerecord (= 3.1.1)
      activesupport (= 3.1.1)
      arel (= 2.2.1)
      chunky_png (= 1.3.4)
      docsplit (= 0.7.6)
      gettext (= 3.0.0)
      helper_classes (= 0.2.1)
      i18n (= 0.6.0)
      iconv (= 1.0.3)
      json (= 1.8.2)
      locale (= 2.0.8)
      multi_json (= 1.0.3)
      net-ldap (= 0.5.1)
      parseconfig (= 0.5.2)
      pdf-core (= 0.5.1)
      prawn (= 2.0.1)
      rqrcode (= 0.4.2)
      rubyzip (= 1.1.7)
      serialport (= 1.3.1)
      text (= 1.2.3)
      ttfunk (= 1.4.0)
    rqrcode (0.4.2)
    rubyzip (1.1.7)
    serialport (1.3.1)
    text (1.2.3)
    ttfunk (1.4.0)
    tzinfo (0.3.44)

PLATFORMS
  ruby

DEPENDENCIES
  africompta!
